GEM
  remote: https://rubygems.org/
  specs:
    rack (1.6.10)
    rack-protection (1.5.5)
      rack
    shotgun (0.9.2)
      rack (>= 1.0)
    sinatra (1.4.8)
      rack (~> 1.5)
      rack-protection (~> 1.4)
      tilt (>= 1.3, < 3)
    tilt (2.0.8)
    yaml_store (1.0.0)

PLATFORMS
  x86-mingw32

DEPENDENCIES
  shotgun
  sinatra (~> 1.4)
  yaml_store

RUBY VERSION
   ruby 2.5.1p57

BUNDLED WITH
   1.16.2
